GEM
  remote: https://rubygems.org/
  specs:
    minitest (5.14.4)

PLATFORMS
  arm64-darwin-21

DEPENDENCIES
  minitest

BUNDLED WITH
   2.2.32
